GEM
  remote: https://rubygems.org/
  specs:
    colsole (0.2.0)
    docopt (0.5.0)
    mini_portile2 (2.0.0)
    nokogiri (1.6.7)
      mini_portile2 (~> 2.0.0.rc2)
    phantomjs (1.9.8.0)
    runfile (0.5.3)
      colsole (~> 0.2)
      docopt (~> 0.5)
    screencap (0.1.4)
      phantomjs

PLATFORMS
  ruby

DEPENDENCIES
  nokogiri
  runfile
  screencap

BUNDLED WITH
   1.10.6
