GEM
  remote: https://rubygems.org/
  specs:
    colsole (0.2.0)
    docopt (0.5.0)
    mini_portile (0.6.2)
    nokogiri (1.6.6.4)
      mini_portile (~> 0.6.0)
    phantomjs (1.9.8.0)
    runfile (0.5.2)
      colsole (~> 0.2)
      docopt (~> 0.5)
    screencap (0.1.4)
      phantomjs

PLATFORMS
  ruby

DEPENDENCIES
  nokogiri
  runfile
  screencap
