GEM
  remote: https://rubygems.org/
  specs:
    colsole (0.2.0)
    docopt (0.5.0)
    filecache (1.0)
    mini_portile (0.6.2)
    nokogiri (1.6.6.4)
      mini_portile (~> 0.6.0)
    runfile (0.5.2)
      colsole (~> 0.2)
      docopt (~> 0.5)

PLATFORMS
  ruby

DEPENDENCIES
  filecache
  nokogiri
  runfile
