GEM
  remote: https://rubygems.org/
  specs:
    backports (3.6.7)
    colsole (0.2.0)
    docopt (0.5.0)
    multi_json (1.11.2)
    rack (1.6.4)
    rack-protection (1.5.3)
      rack
    rack-test (0.6.3)
      rack (>= 1.0)
    runfile (0.5.3)
      colsole (~> 0.2)
      docopt (~> 0.5)
    runfile-exec (0.1.1)
      colsole (~> 0.2)
    sinatra (1.4.6)
      rack (~> 1.4)
      rack-protection (~> 1.4)
      tilt (>= 1.3, < 3)
    sinatra-contrib (1.4.6)
      backports (>= 2.0)
      multi_json
      rack-protection
      rack-test
      sinatra (~> 1.4.0)
      tilt (>= 1.3, < 3)
    tilt (2.0.1)

PLATFORMS
  ruby

DEPENDENCIES
  runfile
  runfile-exec
  sinatra
  sinatra-contrib
